PATH
  remote: .
  specs:
    eve_open_api (1.2.9)
      json (~> 2.1, >= 2.1.0)
      typhoeus (~> 1.0, >= 1.0.1)

GEM
  remote: https://rubygems.org/
  specs:
    addressable (2.8.0)
      public_suffix (>= 2.0.2, < 5.0)
    crack (0.4.5)
      rexml
    diff-lcs (1.5.0)
    ethon (0.12.0)
      ffi (>= 1.3.0)
    ffi (1.12.2)
    hashdiff (1.0.1)
    json (2.6.1)
    public_suffix (4.0.6)
    rake (13.0.6)
    rexml (3.2.8)
      strscan (>= 3.0.9)
    rspec (3.10.0)
      rspec-core (~> 3.10.0)
      rspec-expectations (~> 3.10.0)
      rspec-mocks (~> 3.10.0)
    rspec-core (3.10.1)
      rspec-support (~> 3.10.0)
    rspec-expectations (3.10.1)
      diff-lcs (>= 1.2.0, < 2.0)
      rspec-support (~> 3.10.0)
    rspec-mocks (3.10.2)
      diff-lcs (>= 1.2.0, < 2.0)
      rspec-support (~> 3.10.0)
    rspec-support (3.10.3)
    strscan (3.1.0)
    typhoeus (1.3.1)
      ethon (>= 0.9.0)
    vcr (3.0.3)
    webmock (3.14.0)
      addressable (>= 2.8.0)
      crack (>= 0.3.2)
      hashdiff (>= 0.4.0, < 2.0.0)

PLATFORMS
  ruby

DEPENDENCIES
  eve_open_api!
  rake (~> 13.0)
  rspec (~> 3.6, >= 3.6.0)
  vcr (~> 3.0, >= 3.0.1)
  webmock (~> 3.14)

BUNDLED WITH
   2.2.22
